GEM
  remote: https://rubygems.org/
  specs:
    httparty (0.21.0)
      mini_mime (>= 1.0.0)
      multi_xml (>= 0.5.2)
    mini_mime (1.1.5)
    multi_xml (0.6.0)
    nokogiri (1.15.5-arm64-darwin)
      racc (~> 1.4)
    optimist (3.1.0)
    racc (1.7.3)

PLATFORMS
  arm64-darwin-20
  arm64-darwin-23

DEPENDENCIES
  httparty
  nokogiri
  optimist

BUNDLED WITH
   2.2.22
